GEM
  remote: https://rubygems.org/
  specs:
    actionmailer (3.2.12)
      actionpack (= 3.2.12)
      mail (~> 2.4.4)
    actionpack (3.2.12)
      activemodel (= 3.2.12)
      activesupport (= 3.2.12)
      builder (~> 3.0.0)
      erubis (~> 2.7.0)
      journey (~> 1.0.4)
      rack (~> 1.4.5)
      rack-cache (~> 1.2)
      rack-test (~> 0.6.1)
      sprockets (~> 2.2.1)
    activemodel (3.2.12)
      activesupport (= 3.2.12)
      builder (~> 3.0.0)
    activerecord (3.2.12)
      activemodel (= 3.2.12)
      activesupport (= 3.2.12)
      arel (~> 3.0.2)
      tzinfo (~> 0.3.29)
    activerecord-jdbc-adapter (1.3.0)
      activerecord (>= 2.2)
    activerecord-jdbcpostgresql-adapter (1.3.0)
      activerecord-jdbc-adapter (~> 1.3.0)
      jdbc-postgres (>= 9.1, < 9.3)
    activeresource (3.2.12)
      activemodel (= 3.2.12)
      activesupport (= 3.2.12)
    activesupport (3.2.12)
      i18n (~> 0.6)
      multi_json (~> 1.0)
    arel (3.0.2)
    blankslate (2.1.2.4)
    bouncy-castle-java (1.5.0147)
    builder (3.0.4)
    edn (1.0.0)
      parslet (~> 1.4.0)
    erubis (2.7.0)
    hike (1.2.3)
    i18n (0.6.5)
    jdbc-postgres (9.2.1002.1)
    journey (1.0.4)
    jruby-openssl (0.8.8)
      bouncy-castle-java (>= 1.5.0147)
    json (1.8.0-java)
    mail (2.4.4)
      i18n (>= 0.4.0)
      mime-types (~> 1.16)
      treetop (~> 1.4.8)
    mime-types (1.25)
    multi_json (1.7.9)
    parslet (1.4.0)
      blankslate (~> 2.0)
    polyglot (0.3.3)
    rack (1.4.5)
    rack-cache (1.2)
      rack (>= 0.4)
    rack-ssl (1.3.3)
      rack
    rack-test (0.6.2)
      rack (>= 1.0)
    rails (3.2.12)
      actionmailer (= 3.2.12)
      actionpack (= 3.2.12)
      activerecord (= 3.2.12)
      activeresource (= 3.2.12)
      activesupport (= 3.2.12)
      bundler (~> 1.0)
      railties (= 3.2.12)
    railties (3.2.12)
      actionpack (= 3.2.12)
      activesupport (= 3.2.12)
      rack-ssl (~> 1.3.2)
      rake (>= 0.8.7)
      rdoc (~> 3.4)
      thor (>= 0.14.6, < 2.0)
    rake (10.1.0)
    rdoc (3.12.2)
      json (~> 1.4)
    sprockets (2.2.2)
      hike (~> 1.2)
      multi_json (~> 1.0)
      rack (~> 1.0)
      tilt (~> 1.1, != 1.3.0)
    thor (0.18.1)
    tilt (1.4.1)
    torquebox (3.0.0)
      thor (>= 0.14.6)
      torquebox-cache (= 3.0.0)
      torquebox-configure (= 3.0.0)
      torquebox-core (= 3.0.0)
      torquebox-messaging (= 3.0.0)
      torquebox-naming (= 3.0.0)
      torquebox-rake-support (= 3.0.0)
      torquebox-security (= 3.0.0)
      torquebox-stomp (= 3.0.0)
      torquebox-transactions (= 3.0.0)
      torquebox-web (= 3.0.0)
    torquebox-cache (3.0.0-java)
      torquebox-core (= 3.0.0)
      torquebox-transactions (= 3.0.0)
    torquebox-configure (3.0.0-java)
      blankslate (= 2.1.2.4)
    torquebox-core (3.0.0-java)
      edn (= 1.0.0)
    torquebox-messaging (3.0.0-java)
      torquebox-core (= 3.0.0)
      torquebox-transactions (= 3.0.0)
    torquebox-naming (3.0.0-java)
      torquebox-core (= 3.0.0)
    torquebox-rake-support (3.0.0)
      rake (>= 0.8.7)
    torquebox-security (3.0.0-java)
      torquebox-core (= 3.0.0)
    torquebox-stomp (3.0.0)
      torquebox-core (= 3.0.0)
      torquebox-messaging (= 3.0.0)
    torquebox-transactions (3.0.0)
      torquebox-core (= 3.0.0)
    torquebox-web (3.0.0-java)
    treetop (1.4.15)
      polyglot
      polyglot (>= 0.3.1)
    tzinfo (0.3.37)

PLATFORMS
  java

DEPENDENCIES
  activerecord-jdbcpostgresql-adapter
  jruby-openssl
  rails (= 3.2.12)
  torquebox
